GEM
  remote: http://rubygems.org/
  specs:
    curb (0.7.7.1)
    nokogiri (1.5.0)
    progressbar (0.9.2)

PLATFORMS
  ruby

DEPENDENCIES
  curb (~> 0.7.7.1)
  nokogiri (~> 1.5.0)
  progressbar (~> 0.9.2)
